GIT
  remote: git://github.com/Blaked84/configurable_engine.git
  revision: 4959dd822324ad2b4be40f35b0ffaa8e7e6ed8f5
  specs:
    configurable_engine (0.4.9)
      rails (> 3.1.0)

GIT
  remote: git://github.com/patricklindsay/simple_form-materialize.git
  revision: 6d2afdec6f0523946fb2221070f05b79739be12a
  specs:
    simple_form-materialize (0.0.1)
      rails (~> 4.2)

GIT
  remote: https://github.com/loocla/omniauth-cas.git
  revision: 16395f85579dc915c0e22f80b4f5d98a019e37ec
  branch: saml
  specs:
    omniauth-cas (1.0.1)
      addressable (~> 2.3)
      nokogiri (~> 1.5)
      omniauth (~> 1.1.0)

GEM
  remote: https://rubygems.org/
  specs:
    actionmailer (4.2.8)
      actionpack (= 4.2.8)
      actionview (= 4.2.8)
      activejob (= 4.2.8)
      mail (~> 2.5, >= 2.5.4)
      rails-dom-testing (~> 1.0, >= 1.0.5)
    actionpack (4.2.8)
      actionview (= 4.2.8)
      activesupport (= 4.2.8)
      rack (~> 1.6)
      rack-test (~> 0.6.2)
      rails-dom-testing (~> 1.0, >= 1.0.5)
      rails-html-sanitizer (~> 1.0, >= 1.0.2)
    actionview (4.2.8)
      activesupport (= 4.2.8)
      builder (~> 3.1)
      erubis (~> 2.7.0)
      rails-dom-testing (~> 1.0, >= 1.0.5)
      rails-html-sanitizer (~> 1.0, >= 1.0.3)
    activejob (4.2.8)
      activesupport (= 4.2.8)
      globalid (>= 0.3.0)
    activemodel (4.2.8)
      activesupport (= 4.2.8)
      builder (~> 3.1)
    activerecord (4.2.8)
      activemodel (= 4.2.8)
      activesupport (= 4.2.8)
      arel (~> 6.0)
    activeresource (4.1.0)
      activemodel (~> 4.0)
      activesupport (~> 4.0)
      rails-observers (~> 0.1.2)
    activesupport (4.2.8)
      i18n (~> 0.7)
      minitest (~> 5.1)
      thread_safe (~> 0.3, >= 0.3.4)
      tzinfo (~> 1.1)
    addressable (2.5.0)
      public_suffix (~> 2.0, >= 2.0.2)
    arel (6.0.4)
    awesome_print (1.7.0)
    axiom-types (0.1.1)
      descendants_tracker (~> 0.0.4)
      ice_nine (~> 0.11.0)
      thread_safe (~> 0.3, >= 0.3.1)
    bcrypt (3.1.11)
    binding_of_caller (0.7.2)
      debug_inspector (>= 0.0.1)
    builder (3.2.3)
    byebug (9.0.6)
    cancancan (1.16.0)
    coercible (1.0.0)
      descendants_tracker (~> 0.0.1)
    concurrent-ruby (1.0.5)
    crass (1.0.5)
    debug_inspector (0.0.2)
    descendants_tracker (0.0.4)
      thread_safe (~> 0.3, >= 0.3.1)
    devise (4.1.1)
      bcrypt (~> 3.0)
      orm_adapter (~> 0.1)
      railties (>= 4.1.0, < 5.1)
      responders
      warden (~> 1.2.3)
    devise_masquerade (0.4.0)
      devise (>= 2.1.0)
      railties (>= 3.0)
    equalizer (0.0.11)
    erubis (2.7.0)
    execjs (2.7.0)
    globalid (0.3.7)
      activesupport (>= 4.1.0)
    gon (6.1.0)
      actionpack (>= 3.0)
      json
      multi_json
      request_store (>= 1.0)
    gorg_engine (1.1.0)
      cancancan
      devise (~> 4.1.1)
      devise_masquerade
      gorg_slack_chat
      gram_v2_client
      haml-rails (~> 0.9)
      jquery-rails
      jquery-ui-rails
      materialize-sass (~> 0.98.0)
      mysql2
      omniauth
      rails (~> 4.2.8)
      sass-rails (~> 5.0)
      simple_form
      uglifier (>= 1.3.0)
      unobtrusive_flash (>= 3)
      virtus
      will_paginate (~> 3.0.0)
    gorg_slack_chat (0.1.3)
      gon (~> 6.1.0)
      jquery-rails (~> 4.2.2)
      jquery-ui-rails (~> 6.0.1)
      rails (>= 4.2.3)
    gram_v2_client (3.0.0)
      activeresource (~> 4.0)
    haml (4.0.7)
      tilt
    haml-rails (0.9.0)
      actionpack (>= 4.0.1)
      activesupport (>= 4.0.1)
      haml (>= 4.0.6, < 5.0)
      html2haml (>= 1.0.1)
      railties (>= 4.0.1)
    hashie (2.1.2)
    html2haml (2.1.0)
      erubis (~> 2.7.0)
      haml (~> 4.0)
      nokogiri (>= 1.6.0)
      ruby_parser (~> 3.5)
    i18n (0.8.1)
    ice_nine (0.11.2)
    jbuilder (2.6.3)
      activesupport (>= 3.0.0, < 5.2)
      multi_json (~> 1.2)
    jquery-rails (4.2.2)
      rails-dom-testing (>= 1, < 3)
      railties (>= 4.2.0)
      thor (>= 0.14, < 2.0)
    jquery-ui-rails (6.0.1)
      railties (>= 3.2.16)
    json (1.8.6)
    loofah (2.4.0)
      crass (~> 1.0.2)
      nokogiri (>= 1.5.9)
    mail (2.6.4)
      mime-types (>= 1.16, < 4)
    materialize-sass (0.98.2)
      sass (~> 3.3)
    mime-types (3.1)
      mime-types-data (~> 3.2015)
    mime-types-data (3.2016.0521)
    mini_portile2 (2.4.0)
    minitest (5.10.1)
    multi_json (1.12.1)
    mysql2 (0.4.5)
    nokogiri (1.10.5)
      mini_portile2 (~> 2.4.0)
    omniauth (1.1.4)
      hashie (>= 1.2, < 3)
      rack
    orm_adapter (0.5.0)
    public_suffix (2.0.5)
    rack (1.6.11)
    rack-test (0.6.3)
      rack (>= 1.0)
    rails (4.2.8)
      actionmailer (= 4.2.8)
      actionpack (= 4.2.8)
      actionview (= 4.2.8)
      activejob (= 4.2.8)
      activemodel (= 4.2.8)
      activerecord (= 4.2.8)
      activesupport (= 4.2.8)
      bundler (>= 1.3.0, < 2.0)
      railties (= 4.2.8)
      sprockets-rails
    rails-deprecated_sanitizer (1.0.3)
      activesupport (>= 4.2.0.alpha)
    rails-dom-testing (1.0.8)
      activesupport (>= 4.2.0.beta, < 5.0)
      nokogiri (~> 1.6)
      rails-deprecated_sanitizer (>= 1.0.1)
    rails-html-sanitizer (1.3.0)
      loofah (~> 2.3)
    rails-observers (0.1.2)
      activemodel (~> 4.0)
    railties (4.2.8)
      actionpack (= 4.2.8)
      activesupport (= 4.2.8)
      rake (>= 0.8.7)
      thor (>= 0.18.1, < 2.0)
    rake (12.0.0)
    rdoc (4.3.0)
    request_store (1.3.2)
    responders (2.3.0)
      railties (>= 4.2.0, < 5.1)
    ruby_parser (3.9.0)
      sexp_processor (~> 4.1)
    sass (3.4.23)
    sass-rails (5.0.6)
      railties (>= 4.0.0, < 6)
      sass (~> 3.1)
      sprockets (>= 2.8, < 4.0)
      sprockets-rails (>= 2.0, < 4.0)
      tilt (>= 1.1, < 3)
    sdoc (0.4.2)
      json (~> 1.7, >= 1.7.7)
      rdoc (~> 4.0)
    sexp_processor (4.9.0)
    simple_form (3.4.0)
      actionpack (> 4, < 5.1)
      activemodel (> 4, < 5.1)
    spring (2.0.1)
      activesupport (>= 4.2)
    sprockets (3.7.1)
      concurrent-ruby (~> 1.0)
      rack (> 1, < 3)
    sprockets-rails (3.2.0)
      actionpack (>= 4.0)
      activesupport (>= 4.0)
      sprockets (>= 3.0.0)
    sqlite3 (1.3.13)
    thor (0.19.4)
    thread_safe (0.3.6)
    tilt (2.0.7)
    tzinfo (1.2.2)
      thread_safe (~> 0.1)
    uglifier (3.1.9)
      execjs (>= 0.3.0, < 3)
    unobtrusive_flash (3.3.1)
      railties
    virtus (1.0.5)
      axiom-types (~> 0.1)
      coercible (~> 1.0)
      descendants_tracker (~> 0.0, >= 0.0.3)
      equalizer (~> 0.0, >= 0.0.9)
    warden (1.2.7)
      rack (>= 1.0)
    web-console (2.3.0)
      activemodel (>= 4.0)
      binding_of_caller (>= 0.7.2)
      railties (>= 4.0)
      sprockets-rails (>= 2.0, < 4.0)
    will_paginate (3.0.12)

PLATFORMS
  ruby

DEPENDENCIES
  awesome_print
  byebug
  configurable_engine!
  gorg_engine
  jbuilder (~> 2.0)
  omniauth-cas!
  rails (= 4.2.8)
  sass-rails (~> 5.0)
  sdoc (~> 0.4.0)
  simple_form-materialize!
  spring
  sqlite3
  uglifier (>= 1.3.0)
  web-console (~> 2.0)

BUNDLED WITH
   1.14.5
